GEM
  remote: http://rubygems.org/
  specs:
    faraday (0.9.2)
      multipart-post (>= 1.2, < 3)
    faraday_middleware (0.10.0)
      faraday (>= 0.7.4, < 0.10)
    foreman (0.78.0)
      thor (~> 0.19.1)
    mini_portile (0.6.2)
    multipart-post (2.0.0)
    nokogiri (1.6.6.2)
      mini_portile (~> 0.6.0)
    parse-ruby-client (0.3.0)
      faraday
      faraday_middleware
    thor (0.19.1)

PLATFORMS
  ruby

DEPENDENCIES
  foreman
  nokogiri
  parse-ruby-client

BUNDLED WITH
   1.10.6
